GEM
  remote: http://rubygems.org/
  specs:
    activemodel (3.0.0.beta3)
      activesupport (= 3.0.0.beta3)
    activesupport (3.0.0.beta3)
      builder (~> 2.1.2)
      i18n (~> 0.3.6)
      memcache-client (>= 1.7.5)
      tzinfo (~> 0.3.16)
    builder (2.1.2)
    curb (0.7.8)
    i18n (0.3.7)
    json (1.4.6)
    memcache-client (1.8.5)
    progressbar (0.9.0)
    riak-client (0.7.1)
      activesupport (>= 2.3.5)
    ripple (0.7.1)
      activemodel (= 3.0.0.beta3)
      activesupport (= 3.0.0.beta3)
      riak-client (= 0.7.1)
    trollop (1.16.2)
    tzinfo (0.3.23)

PLATFORMS
  ruby

DEPENDENCIES
  curb
  json (= 1.4.6)
  progressbar (= 0.9.0)
  ripple (= 0.7.1)
  trollop (= 1.16.2)
